PATH
  remote: .
  specs:
    rod-rest (0.0.1)
      rod
      sinatra

GEM
  remote: http://rubygems.org/
  specs:
    RubyInline (3.12.2)
      ZenTest (~> 4.3)
    ZenTest (4.9.5)
    activemodel (3.2.17)
      activesupport (= 3.2.17)
      builder (~> 3.0.0)
    activesupport (3.2.17)
      i18n (~> 0.6, >= 0.6.4)
      multi_json (~> 1.0)
    bsearch (1.5.0)
    builder (3.0.4)
    diff-lcs (1.2.4)
    english (0.5.0)
    i18n (0.6.9)
    multi_json (1.8.4)
    rack (1.5.2)
    rack-protection (1.5.2)
      rack
    rack-test (0.6.2)
      rack (>= 1.0)
    rod (0.7.2)
      RubyInline (>= 3.10.0, < 4.0.0)
      activemodel (~> 3.2.2)
      bsearch (>= 1.5.0, < 1.6.0)
      english (>= 0.5.0, < 0.6.0)
    rr (1.1.2)
    rspec (2.14.1)
      rspec-core (~> 2.14.0)
      rspec-expectations (~> 2.14.0)
      rspec-mocks (~> 2.14.0)
    rspec-core (2.14.5)
    rspec-expectations (2.14.2)
      diff-lcs (>= 1.1.3, < 2.0)
    rspec-mocks (2.14.3)
    sinatra (1.4.4)
      rack (~> 1.4)
      rack-protection (~> 1.4)
      tilt (~> 1.3, >= 1.3.4)
    tilt (1.4.1)

PLATFORMS
  ruby

DEPENDENCIES
  rack-test
  rod-rest!
  rr
  rspec
